GEM
  remote: https://rubygems.org/
  specs:
    rack (3.0.8)

PLATFORMS
  ruby

DEPENDENCIES
  rack

BUNDLED WITH
   2.4.17
