GEM
  remote: https://rubygems.org/
  specs:
    ddtrace (1.12.1)
      debase-ruby_core_source (= 3.2.1)
      libdatadog (~> 2.0.0.1.0)
      libddwaf (~> 1.9.0.0.0)
      msgpack
    debase-ruby_core_source (3.2.1)
    ffi (1.15.5)
    libdatadog (2.0.0.1.0)
    libddwaf (1.9.0.0.1)
      ffi (~> 1.0)
    msgpack (1.7.1)
    rack (3.0.8)

PLATFORMS
  ruby

DEPENDENCIES
  ddtrace
  rack

BUNDLED WITH
   2.4.17
